GEM
  remote: https://rubygems.org/
  specs:
    CFPropertyList (2.3.6)
    RubyInline (3.12.4)
      ZenTest (~> 4.3)
    ZenTest (4.11.1)
    activesupport (4.2.10)
      i18n (~> 0.7)
      minitest (~> 5.1)
      thread_safe (~> 0.3, >= 0.3.4)
      tzinfo (~> 1.1)
    claide (1.0.2)
    cocoapods (1.4.0)
      activesupport (>= 4.0.2, < 5)
      claide (>= 1.0.2, < 2.0)
      cocoapods-core (= 1.4.0)
      cocoapods-deintegrate (>= 1.0.2, < 2.0)
      cocoapods-downloader (>= 1.1.3, < 2.0)
      cocoapods-plugins (>= 1.0.0, < 2.0)
      cocoapods-search (>= 1.0.0, < 2.0)
      cocoapods-stats (>= 1.0.0, < 2.0)
      cocoapods-trunk (>= 1.3.0, < 2.0)
      cocoapods-try (>= 1.1.0, < 2.0)
      colored2 (~> 3.1)
      escape (~> 0.0.4)
      fourflusher (~> 2.0.1)
      gh_inspector (~> 1.0)
      molinillo (~> 0.6.4)
      nap (~> 1.0)
      ruby-macho (~> 1.1)
      xcodeproj (>= 1.5.4, < 2.0)
    cocoapods-core (1.4.0)
      activesupport (>= 4.0.2, < 6)
      fuzzy_match (~> 2.0.4)
      nap (~> 1.0)
    cocoapods-deintegrate (1.0.2)
    cocoapods-downloader (1.1.3)
    cocoapods-fix-react-native (2018.04.09.10)
    cocoapods-keys (2.0.2)
      dotenv
      osx_keychain
    cocoapods-plugins (1.0.0)
      nap
    cocoapods-search (1.0.0)
    cocoapods-stats (1.0.0)
    cocoapods-trunk (1.3.0)
      nap (>= 0.8, < 2.0)
      netrc (~> 0.11)
    cocoapods-try (1.1.0)
    colored2 (3.1.2)
    concurrent-ruby (1.0.5)
    dotenv (2.2.1)
    escape (0.0.4)
    fourflusher (2.0.1)
    fuzzy_match (2.0.4)
    gh_inspector (1.0.3)
    i18n (0.9.3)
      concurrent-ruby (~> 1.0)
    minitest (5.11.1)
    molinillo (0.6.4)
    nanaimo (0.2.3)
    nap (1.1.0)
    netrc (0.11.0)
    osx_keychain (1.0.2)
      RubyInline (~> 3)
    psych (2.2.4)
    ruby-macho (1.1.0)
    thread_safe (0.3.6)
    tzinfo (1.2.4)
      thread_safe (~> 0.1)
    xcodeproj (1.5.4)
      CFPropertyList (~> 2.3.3)
      claide (>= 1.0.2, < 2.0)
      colored2 (~> 3.1)
      nanaimo (~> 0.2.3)

PLATFORMS
  ruby

DEPENDENCIES
  cocoapods
  cocoapods-fix-react-native
  cocoapods-keys
  psych

BUNDLED WITH
   1.15.4
